PATH
  remote: .
  specs:
    tachikoma (2.0.1.beta)
      httparty
      multi_json
      safe_yaml

GEM
  remote: https://rubygems.org/
  specs:
    coderay (1.0.9)
    dotenv (0.8.0)
    httparty (0.11.0)
      multi_json (~> 1.0)
      multi_xml (>= 0.5.2)
    method_source (0.8.1)
    multi_json (1.7.7)
    multi_xml (0.5.4)
    oj (2.1.2)
    pry (0.9.12.2)
      coderay (~> 1.0.5)
      method_source (~> 0.8)
      slop (~> 3.4)
    rake (10.1.0)
    safe_yaml (0.9.3)
    slop (3.4.5)

PLATFORMS
  ruby

DEPENDENCIES
  bundler (~> 1.3)
  dotenv
  oj
  pry
  rake
  tachikoma!
